PATH
  remote: .
  specs:
    iost_ruby (0.1.0)
      base58 (~> 0.2.3)
      btcruby (~> 1.8)
      digest-sha3
      ecdsa (~> 1.1)
      ed25519 (~> 1.2, >= 1.2.4)
      faraday (~> 0.17)
      faraday_middleware (~> 0.14)
      fast_jsonapi (~> 1.5)
      json (~> 2.3)
      openssl (~> 2.1, >= 2.1.2)
      sha3 (~> 1.0, >= 1.0.1)
      tweetnacl (~> 1.0)

GEM
  remote: https://rubygems.org/
  specs:
    activesupport (6.0.2.1)
      concurrent-ruby (~> 1.0, >= 1.0.2)
      i18n (>= 0.7, < 2)
      minitest (~> 5.1)
      tzinfo (~> 1.1)
      zeitwerk (~> 2.2)
    base58 (0.2.3)
    btcruby (1.8)
      ffi (~> 1.9, >= 1.9.3)
    concurrent-ruby (1.1.6)
    diff-lcs (1.3)
    digest-sha3 (1.1.0)
    ecdsa (1.2.0)
    ed25519 (1.2.4)
    faraday (0.17.3)
      multipart-post (>= 1.2, < 3)
    faraday_middleware (0.14.0)
      faraday (>= 0.7.4, < 1.0)
    fast_jsonapi (1.5)
      activesupport (>= 4.2)
    ffi (1.12.2)
    i18n (1.8.2)
      concurrent-ruby (~> 1.0)
    ipaddr (1.2.2)
    json (2.3.0)
    minitest (5.14.0)
    multipart-post (2.1.1)
    openssl (2.1.2)
      ipaddr
    rake (10.5.0)
    rspec (3.9.0)
      rspec-core (~> 3.9.0)
      rspec-expectations (~> 3.9.0)
      rspec-mocks (~> 3.9.0)
    rspec-core (3.9.1)
      rspec-support (~> 3.9.1)
    rspec-expectations (3.9.0)
      diff-lcs (>= 1.2.0, < 2.0)
      rspec-support (~> 3.9.0)
    rspec-mocks (3.9.1)
      diff-lcs (>= 1.2.0, < 2.0)
      rspec-support (~> 3.9.0)
    rspec-support (3.9.2)
    sha3 (1.0.1)
    thread_safe (0.3.6)
    tweetnacl (1.0.0)
    tzinfo (1.2.6)
      thread_safe (~> 0.1)
    zeitwerk (2.2.2)

PLATFORMS
  ruby

DEPENDENCIES
  bundler (~> 2.0)
  iost_ruby!
  rake (~> 10.0)
  rspec (~> 3.0)

BUNDLED WITH
   2.0.2
